GIT
  remote: https://github.com/opal/opal.git
  revision: 07610e026421e2a7fb8197664ccfe727287f7b82
  branch: master
  specs:
    opal (0.11.0)
      ast (>= 2.3.0)
      hike (~> 1.2)
      parser (= 2.3.3.1)
      sourcemap (~> 0.1.0)

PATH
  remote: .
  specs:
    prawn.js (0.1.0)

GEM
  remote: https://rubygems.org/
  specs:
    ast (2.3.0)
    hike (1.2.3)
    parser (2.3.3.1)
      ast (~> 2.2)
    sourcemap (0.1.1)

PLATFORMS
  ruby

DEPENDENCIES
  opal!
  prawn.js!

BUNDLED WITH
   1.16.1
